PATH
  remote: .
  specs:
    we_the_people (0.0.4)
      active_support
      json
      rest-client

GEM
  remote: http://rubygems.org/
  specs:
    active_support (3.0.0)
      activesupport (= 3.0.0)
    activesupport (3.0.0)
    json (1.8.0)
    mime-types (1.23)
    rest-client (1.6.7)
      mime-types (>= 1.16)

PLATFORMS
  ruby

DEPENDENCIES
  we_the_people!
